GEM
  remote: http://rubygems.org/
  specs:
    actionmailer (2.3.11)
      actionpack (= 2.3.11)
    actionpack (2.3.11)
      activesupport (= 2.3.11)
      rack (~> 1.1.0)
    activerecord (2.3.11)
      activesupport (= 2.3.11)
    activeresource (2.3.11)
      activesupport (= 2.3.11)
    activesupport (2.3.11)
    acts-as-taggable-on (2.0.6)
    acts_as_commentable (3.0.1)
    authlogic (2.1.6)
      activesupport
    columnize (0.3.2)
    compass (0.10.6)
      haml (>= 3.0.4)
    haml (3.0.25)
    linecache (0.43)
    machinist (1.0.6)
    mysql (2.8.1)
    rack (1.1.2)
    rails (2.3.11)
      actionmailer (= 2.3.11)
      actionpack (= 2.3.11)
      activerecord (= 2.3.11)
      activeresource (= 2.3.11)
      activesupport (= 2.3.11)
      rake (>= 0.8.3)
    rake (0.8.7)
    rspec (1.3.1)
    rspec-rails (1.3.3)
      rack (>= 1.0.0)
      rspec (= 1.3.1)
    ruby-debug (0.10.3)
      columnize (>= 0.1)
      ruby-debug-base (~> 0.10.3.0)
    ruby-debug-base (0.10.3)
      linecache (>= 0.3)
    searchlogic (2.5.5)
      activerecord (~> 2.3.11)
      activerecord (~> 2.3.11)
    will_paginate (2.3.15)

PLATFORMS
  ruby

DEPENDENCIES
  acts-as-taggable-on
  acts_as_commentable
  authlogic
  compass
  haml
  machinist
  mysql
  rails (= 2.3.11)
  rspec (= 1.3.1)
  rspec-rails (~> 1.3.2)
  ruby-debug (= 0.10.3)
  ruby-debug-base (= 0.10.3)
  searchlogic
  will_paginate
